PATH
  remote: .
  specs:
    method_installable (0.1.0)

GEM
  remote: https://rubygems.org/
  specs:
    minitest (5.13.0)
    rake (13.0.3)

PLATFORMS
  ruby

DEPENDENCIES
  bundler (~> 2.0)
  method_installable!
  minitest (~> 5.0)
  rake (~> 13.0)

BUNDLED WITH
   2.0.2
